GEM
  remote: https://rubygems.org/
  specs:
    haml (4.0.6)
      tilt
    newrelic_rpm (3.6.1.88)
    rack (1.5.2)
    rack-protection (1.5.0)
      rack
    sinatra (1.3.6)
      rack (~> 1.4)
      rack-protection (~> 1.3)
      tilt (~> 1.3, >= 1.3.3)
    tilt (1.3.6)

PLATFORMS
  ruby

DEPENDENCIES
  haml
  newrelic_rpm
  sinatra

BUNDLED WITH
   1.11.2
