GEM
  remote: https://rubygems.org/
  specs:
    ast (2.4.0)
    haml (5.1.2)
      temple (>= 0.8.0)
      tilt
    jaro_winkler (1.5.4)
    mustermann (1.1.0)
      ruby2_keywords (~> 0.0.1)
    parallel (1.19.1)
    parser (2.7.0.1)
      ast (~> 2.4.0)
    rack (2.0.8)
    rack-protection (2.0.8.1)
      rack
    rainbow (3.0.0)
    rubocop (0.79.0)
      jaro_winkler (~> 1.5.1)
      parallel (~> 1.10)
      parser (>= 2.7.0.1)
      rainbow (>= 2.2.2, < 4.0)
      ruby-progressbar (~> 1.7)
      unicode-display_width (>= 1.4.0, < 1.7)
    rubocop-performance (1.5.2)
      rubocop (>= 0.71.0)
    ruby-progressbar (1.10.1)
    ruby2_keywords (0.0.1)
    shotgun (0.9.2)
      rack (>= 1.0)
    sinatra (2.0.8.1)
      mustermann (~> 1.0)
      rack (~> 2.0)
      rack-protection (= 2.0.8.1)
      tilt (~> 2.0)
    temple (0.8.2)
    tilt (2.0.10)
    unicode-display_width (1.6.0)

PLATFORMS
  ruby

DEPENDENCIES
  haml
  rubocop
  rubocop-performance
  shotgun
  sinatra

BUNDLED WITH
   2.0.2
