GEM
  remote: https://rubygems.org/
  specs:
    feed-normalizer (1.5.2)
      hpricot (>= 0.6)
      simple-rss (>= 1.1)
    hpricot (0.8.6)
    rack (1.5.2)
    rack-protection (1.5.0)
      rack
    simple-rss (1.2.3)
    sinatra (1.3.6)
      rack (~> 1.4)
      rack-protection (~> 1.3)
      tilt (~> 1.3, >= 1.3.3)
    tilt (1.3.6)

PLATFORMS
  ruby

DEPENDENCIES
  feed-normalizer
  sinatra
