GEM
  remote: https://rubygems.org/
  specs:
    ast (2.4.0)
    haml (5.1.1)
      temple (>= 0.8.0)
      tilt
    jaro_winkler (1.5.2)
    mustermann (1.0.3)
    newrelic_rpm (6.4.0.356)
    parallel (1.17.0)
    parser (2.6.3.0)
      ast (~> 2.4.0)
    rack (2.0.6)
    rack-protection (2.0.5)
      rack
    rainbow (3.0.0)
    rubocop (0.71.0)
      jaro_winkler (~> 1.5.1)
      parallel (~> 1.10)
      parser (>= 2.6)
      rainbow (>= 2.2.2, < 4.0)
      ruby-progressbar (~> 1.7)
      unicode-display_width (>= 1.4.0, < 1.7)
    rubocop-performance (1.3.0)
      rubocop (>= 0.68.0)
    ruby-progressbar (1.10.1)
    shotgun (0.9.2)
      rack (>= 1.0)
    sinatra (2.0.5)
      mustermann (~> 1.0)
      rack (~> 2.0)
      rack-protection (= 2.0.5)
      tilt (~> 2.0)
    temple (0.8.1)
    tilt (2.0.9)
    unicode-display_width (1.6.0)

PLATFORMS
  ruby

DEPENDENCIES
  haml
  newrelic_rpm
  rubocop
  rubocop-performance
  shotgun
  sinatra

RUBY VERSION
   ruby 2.6.3p62

BUNDLED WITH
   1.17.3
